GEM
  remote: http://rubygems.org/
  specs:
    diff-lcs (1.2.2)
    fakefs (0.4.2)
    rspec (2.13.0)
      rspec-core (~> 2.13.0)
      rspec-expectations (~> 2.13.0)
      rspec-mocks (~> 2.13.0)
    rspec-core (2.13.1)
    rspec-expectations (2.13.0)
      diff-lcs (>= 1.1.3, < 2.0)
    rspec-mocks (2.13.1)
    taglib-ruby (0.5.2)
    thor (0.18.1)

PLATFORMS
  ruby

DEPENDENCIES
  fakefs
  rspec
  taglib-ruby
  thor
